GEM
  remote: https://rubygems.org/
  specs:
    rack (2.2.4)
    rack-protection (3.0.5)
      rack
    sinatra (~> 3.0, >= 3.0.5)
      rack (~> 2.2, >= 2.2.4)
      rack-protection (3.0.5)
      tilt (~> 2.0)
    tilt (2.0)

PLATFORMS
  ruby

DEPENDENCIES
  sinatra (~> 3.0, >= 3.0.5)

BUNDLED WITH
   2.4.9
